GEM
  remote: https://rubygems.org/
  specs:
    Ascii85 (1.1.0)
    addressable (2.8.0)
      public_suffix (>= 2.0.2, < 5.0)
    afm (0.2.2)
    asciidoctor (2.0.16)
    asciidoctor-epub3 (1.5.1)
      asciidoctor (>= 1.5.6, < 3.0.0)
      gepub (~> 1.0.0)
      mime-types (~> 3.0)
    asciidoctor-pdf (1.6.0)
      asciidoctor (~> 2.0)
      concurrent-ruby (~> 1.1)
      prawn (~> 2.4.0)
      prawn-icon (~> 3.0.0)
      prawn-svg (~> 0.32.0)
      prawn-table (~> 0.2.0)
      prawn-templates (~> 0.1.0)
      safe_yaml (~> 1.0.0)
      treetop (~> 1.6.0)
    awesome_print (1.9.2)
    coderay (1.1.3)
    concurrent-ruby (1.1.9)
    css_parser (1.10.0)
      addressable
    epubcheck-ruby (4.2.6.0)
    ethon (0.14.0)
      ffi (>= 1.15.0)
    ffi (1.15.3)
    gepub (1.0.14)
      nokogiri (>= 1.8.2, < 1.13)
      rubyzip (> 1.1.1, < 2.4)
    hashery (2.1.2)
    html-proofer (3.19.2)
      addressable (~> 2.3)
      mercenary (~> 0.3)
      nokogumbo (~> 2.0)
      parallel (~> 1.3)
      rainbow (~> 3.0)
      typhoeus (~> 1.3)
      yell (~> 2.0)
    json (2.5.1)
    kindlegen (3.1.1)
      rake
      rubyzip
    mercenary (0.4.0)
    mime-types (3.3.1)
      mime-types-data (~> 3.2015)
    mime-types-data (3.2021.0704)
    mini_portile2 (2.6.1)
    nokogiri (1.12.3)
      mini_portile2 (~> 2.6.1)
      racc (~> 1.4)
    nokogumbo (2.0.5)
      nokogiri (~> 1.8, >= 1.8.4)
    parallel (1.20.1)
    pdf-core (0.9.0)
    pdf-reader (2.5.0)
      Ascii85 (~> 1.0)
      afm (~> 0.2.1)
      hashery (~> 2.0)
      ruby-rc4
      ttfunk
    polyglot (0.3.5)
    prawn (2.4.0)
      pdf-core (~> 0.9.0)
      ttfunk (~> 1.7)
    prawn-icon (3.0.0)
      prawn (>= 1.1.0, < 3.0.0)
    prawn-svg (0.32.0)
      css_parser (~> 1.6)
      prawn (>= 0.11.1, < 3)
      rexml (~> 3.2)
    prawn-table (0.2.2)
      prawn (>= 1.3.0, < 3.0.0)
    prawn-templates (0.1.2)
      pdf-reader (~> 2.0)
      prawn (~> 2.2)
    public_suffix (4.0.6)
    pygments.rb (2.2.0)
    racc (1.5.2)
    rainbow (3.0.0)
    rake (13.0.6)
    rexml (3.2.5)
    ruby-rc4 (0.1.5)
    rubyzip (2.3.2)
    safe_yaml (1.0.5)
    thread_safe (0.3.6)
    treetop (1.6.11)
      polyglot (~> 0.3)
    ttfunk (1.7.0)
    typhoeus (1.4.0)
      ethon (>= 0.9.0)
    yell (2.2.2)

PLATFORMS
  ruby

DEPENDENCIES
  asciidoctor (= 2.0.16)
  asciidoctor-epub3 (= 1.5.1)
  asciidoctor-pdf (= 1.6.0)
  awesome_print (= 1.9.2)
  coderay (= 1.1.3)
  epubcheck-ruby (= 4.2.6.0)
  html-proofer (= 3.19.2)
  json (= 2.5.1)
  kindlegen (= 3.1.1)
  pygments.rb (= 2.2.0)
  rake (= 13.0.6)
  thread_safe (= 0.3.6)

BUNDLED WITH
   2.1.4
